GEM
  remote: http://rubygems.org/
  specs:
    activesupport (3.2.22.5)
      i18n (~> 0.6, >= 0.6.4)
      multi_json (~> 1.0)
    concurrent-ruby (1.1.5)
    git (1.2.5)
    i18n (0.9.5)
      concurrent-ruby (~> 1.0)
    jeweler (1.6.4)
      bundler (~> 1.0)
      git (>= 1.2.5)
      rake
    minitest (2.10.1)
    multi_json (1.14.0)
    rake (0.9.2.2)
    sqlite3 (1.3.6)

PLATFORMS
  ruby

DEPENDENCIES
  activesupport (>= 3.1)
  bundler (~> 1.0.0)
  jeweler (~> 1.6.4)
  minitest
  sqlite3
