GEM
  remote: http://rubygems.org/
  specs:
    activesupport (3.1.3)
      multi_json (~> 1.0)
    addressable (2.8.1)
      public_suffix (>= 2.0.2, < 6.0)
    git (1.13.0)
      addressable (~> 2.8)
      rchardet (~> 1.8)
    jeweler (1.6.4)
      bundler (~> 1.0)
      git (>= 1.2.5)
      rake
    minitest (2.10.1)
    multi_json (1.0.4)
    public_suffix (5.0.1)
    rake (0.9.2.2)
    rchardet (1.8.0)
    sqlite3 (1.3.6)

PLATFORMS
  ruby

DEPENDENCIES
  activesupport (>= 3.1)
  bundler (~> 1.0.0)
  jeweler (~> 1.6.4)
  minitest
  sqlite3
